GEM
  remote: https://rubygems.org/
  specs:
    metaclass (0.0.2)
    minitest (4.3.2)
    mocha (1.0.0)
      metaclass (~> 0.0.1)

PLATFORMS
  ruby

DEPENDENCIES
  minitest
  mocha
